PATH
  remote: .
  specs:
    cheers (0.1.0)
      colorize (~> 0.8.1)
      nokogiri

GEM
  remote: https://rubygems.org/
  specs:
    coderay (1.1.2)
    colorize (0.8.1)
    date (3.2.2)
    method_source (0.9.2)
    mini_portile2 (2.4.0)
    nokogiri (1.10.3)
      mini_portile2 (~> 2.4.0)
    open-uri (0.2.0)
      stringio
      time
      uri
    pry (0.12.2)
      coderay (~> 1.1.0)
      method_source (~> 0.9.0)
    rake (10.5.0)
    stringio (3.0.1)
    time (0.2.0)
      date
    uri (0.11.0)

PLATFORMS
  ruby

DEPENDENCIES
  bundler (~> 2.0)
  cheers!
  colorize
  nokogiri
  open-uri
  pry
  rake (~> 10.0)

BUNDLED WITH
   2.2.15
